{
     "TaskName": "Breathing",
     "TaskDescription": "The fMRI experiment included conditions consisting of mouth or nasal inhalation or exhalation. Therefore, the conditions included nasal inhalation and exhalation (NN), nasal inhalation and mouth exhalation (NM), mouth inhalation and nasal exhalation (MN), and mouth inhalation and exhalation (MM). The NN condition was set to baseline, followed by presentation of the other three conditions.",
     "AcquisitionMatrix": "64/0/0/64",
     "PixelSpacing": [
          3.0, 
          3.0
     ], 
     "EchoTime": 0.03,
     "RepetitionTime": 3,
     "EffectiveEchoSpacing": 0.000510004,
     "SliceTiming": [
          1.5075,
          0,
          1.5725,
          0.0675,
          1.6375,
          0.1325,
          1.7025,
          0.1975,
          1.77,
          0.2625,
          1.835,
          0.3275,
          1.9,
          0.395,
          1.965,
          0.46,
          2.03,
          0.525,
          2.095,
          0.59,
          2.1625,
          0.655,
          2.2275,
          0.72,
          2.2925,
          0.7875,
          2.3575,
          0.8525,
          2.4225,
          0.9175,
          2.49,
          0.9825,
          2.555,
          1.0475,
          2.62,
          1.115,
          2.685,
          1.18,
          2.75,
          1.245,
          2.8175,
          1.31,
          2.8825,
          1.375,
          2.9475,
          1.4425    ],
     "PhaseEncodingDirection": "j-",
     "MagneticFieldStrength": 3.0, 
     "SpacingBetweenSlices": 3.0, 
     "ScanningSequence": "EP", 
     "PatientPosition": "HFS", 
     "ImageType": "ORIGINAL/PRIMARY/M/ND/MOSAIC",
     "NumberOfAverages": 1.0, 
     "BandwidthPerPixelPhaseEncode": 30.637, 
     "PercentPhaseFieldOfView": 100.0, 
     "ImagedNucleus": "1H", 
     "AcquisitionMatrixText": "64p*64", 
     "SequenceVariant": "SK", 
     "MRAcquisitionType": "2D", 
     "NumberOfPhaseEncodingSteps": 48, 
     "InplanePhaseEncodingDirection": "COL", 
     "ManufacturersModelName": "Verio", 
     "PixelBandwidth": 2298.0, 
     "Manufacturer": "SIEMENS", 
     "FlipAngle": 90.0, 
     "SequenceName": "*epfid2d1_64", 
     "ScanOptions": [
          "PFP", 
          "FS"
     ], 
     "TransmitCoilName": "Body", 
     "SliceThickness": 3.0, 
     "RealDwellTime": 3400, 
     "SoftwareVersions": "syngo MR B17",
     "CogAtlasID": "http://www.cognitiveatlas.org/id/trm_4c898a680e424"

}
